GEM
  remote: https://rubygems.org/
  specs:
    json (1.8.2)
    rack (1.6.0)
    rack-protection (1.5.3)
      rack
    redis (3.2.1)
    sinatra (1.4.5)
      rack (~> 1.4)
      rack-protection (~> 1.4)
      tilt (~> 1.3, >= 1.3.4)
    slackbotsy (0.2.2)
      json
      sinatra
    tilt (1.4.1)

PLATFORMS
  ruby

DEPENDENCIES
  redis
  sinatra
  slackbotsy
